GEM
  remote: https://rubygems.org/
  specs:
    aws-sdk (2.2.31)
      aws-sdk-resources (= 2.2.31)
    aws-sdk-core (2.2.31)
      jmespath (~> 1.0)
    aws-sdk-resources (2.2.31)
      aws-sdk-core (= 2.2.31)
    fluent-logger (0.4.7)
      msgpack (>= 0.4.4, < 0.6.0, != 0.5.3, != 0.5.2, != 0.5.1, != 0.5.0)
      yajl-ruby (~> 1.0)
    jmespath (1.2.3)
      json_pure (>= 1.8.1)
    json_pure (1.8.3)
    mini_portile (0.5.2)
    msgpack (0.5.8)
    nokogiri (1.6.1)
      mini_portile (~> 0.5.0)
    rack (1.6.4)
    yajl-ruby (1.2.0)

PLATFORMS
  ruby

DEPENDENCIES
  aws-sdk
  fluent-logger
  nokogiri
  rack

BUNDLED WITH
   1.11.2
